GEM
  remote: https://rubygems.org/
  specs:
    diffy (3.1.0)
    string-similarity (2.0.0)

PLATFORMS
  ruby

DEPENDENCIES
  diffy
  string-similarity

BUNDLED WITH
   1.13.6
